GEM
  remote: https://rubygems.org/
  specs:
    actionmailer (4.1.1)
      actionpack (= 4.1.1)
      actionview (= 4.1.1)
      mail (~> 2.5.4)
    actionpack (4.1.1)
      actionview (= 4.1.1)
      activesupport (= 4.1.1)
      rack (~> 1.5.2)
      rack-test (~> 0.6.2)
    actionview (4.1.1)
      activesupport (= 4.1.1)
      builder (~> 3.1)
      erubis (~> 2.7.0)
    activemodel (4.1.1)
      activesupport (= 4.1.1)
      builder (~> 3.1)
    activerecord (4.1.1)
      activemodel (= 4.1.1)
      activesupport (= 4.1.1)
      arel (~> 5.0.0)
    activerecord-jdbc-adapter (1.3.22)
      activerecord (>= 2.2)
    activerecord-jdbcpostgresql-adapter (1.3.22)
      activerecord-jdbc-adapter (~> 1.3.22)
      jdbc-postgres (>= 9.1)
    activesupport (4.1.1)
      i18n (~> 0.6, >= 0.6.9)
      json (~> 1.7, >= 1.7.7)
      minitest (~> 5.1)
      thread_safe (~> 0.1)
      tzinfo (~> 1.1)
    arel (5.0.1.20140414130214)
    blankslate (2.1.2.4)
    builder (3.2.3)
    commonjs (0.2.7)
    concurrent-ruby (1.0.5-java)
    dynamic_form (1.1.4)
    edn (1.0.0)
      parslet (~> 1.4.0)
    erubis (2.7.0)
    execjs (2.7.0)
    font-awesome-rails (4.7.0.1)
      railties (>= 3.2, < 5.1)
    httpclient (2.8.3)
    i18n (0.8.1)
    jbuilder (2.6.3)
      activesupport (>= 3.0.0, < 5.2)
      multi_json (~> 1.2)
    jdbc-postgres (9.4.1206)
    jquery-rails (2.1.2)
      railties (>= 3.1.0, < 5.0)
      thor (~> 0.14)
    json (1.8.6-java)
    less (2.6.0)
      commonjs (~> 0.2.7)
    less-rails (2.8.0)
      actionpack (>= 4.0)
      less (~> 2.6.0)
      sprockets (> 2, < 4)
      tilt
    lock_jar (0.15.2)
      naether (~> 0.15.0)
      thor (>= 0.18.1)
    mail (2.5.4)
      mime-types (~> 1.16)
      treetop (~> 1.4.8)
    mime-types (1.25.1)
    minitest (5.10.1)
    multi_json (1.12.1)
    naether (0.15.1-java)
      httpclient
    parslet (1.4.0)
      blankslate (~> 2.0)
    polyglot (0.3.5)
    protected_attributes (1.0.9)
      activemodel (>= 4.0.1, < 5.0)
    rack (1.5.5)
    rack-test (0.6.3)
      rack (>= 1.0)
    rails (4.1.1)
      actionmailer (= 4.1.1)
      actionpack (= 4.1.1)
      actionview (= 4.1.1)
      activemodel (= 4.1.1)
      activerecord (= 4.1.1)
      activesupport (= 4.1.1)
      bundler (>= 1.3.0, < 2.0)
      railties (= 4.1.1)
      sprockets-rails (~> 2.0)
    railties (4.1.1)
      actionpack (= 4.1.1)
      activesupport (= 4.1.1)
      rake (>= 0.8.7)
      thor (>= 0.18.1, < 2.0)
    rake (10.1.1)
    rdoc (4.3.0)
    sdoc (0.4.2)
      json (~> 1.7, >= 1.7.7)
      rdoc (~> 4.0)
    sprockets (3.7.1)
      concurrent-ruby (~> 1.0)
      rack (> 1, < 3)
    sprockets-rails (2.3.3)
      actionpack (>= 3.0)
      activesupport (>= 3.0)
      sprockets (>= 2.8, < 4.0)
    therubyrhino (2.0.4)
      therubyrhino_jar (>= 1.7.3)
    therubyrhino_jar (1.7.6)
    thor (0.19.4)
    thread_safe (0.3.6-java)
    tilt (2.0.7)
    torquebox (3.1.2)
      thor (>= 0.14.6)
      torquebox-cache (= 3.1.2)
      torquebox-configure (= 3.1.2)
      torquebox-core (= 3.1.2)
      torquebox-messaging (= 3.1.2)
      torquebox-naming (= 3.1.2)
      torquebox-rake-support (= 3.1.2)
      torquebox-security (= 3.1.2)
      torquebox-stomp (= 3.1.2)
      torquebox-transactions (= 3.1.2)
      torquebox-web (= 3.1.2)
    torquebox-cache (3.1.2-java)
      torquebox-core (= 3.1.2)
      torquebox-transactions (= 3.1.2)
    torquebox-configure (3.1.2-java)
      blankslate (= 2.1.2.4)
    torquebox-core (3.1.2-java)
      edn (= 1.0.0)
    torquebox-messaging (3.1.2-java)
      torquebox-core (= 3.1.2)
      torquebox-transactions (= 3.1.2)
    torquebox-naming (3.1.2-java)
      torquebox-core (= 3.1.2)
    torquebox-rake-support (3.1.2)
      rake (>= 0.8.7)
    torquebox-security (3.1.2-java)
      torquebox-core (= 3.1.2)
    torquebox-stomp (3.1.2)
      torquebox-core (= 3.1.2)
      torquebox-messaging (= 3.1.2)
    torquebox-transactions (3.1.2)
      torquebox-core (= 3.1.2)
    torquebox-web (3.1.2-java)
    treetop (1.4.15)
      polyglot
      polyglot (>= 0.3.1)
    turbolinks (5.0.1)
      turbolinks-source (~> 5)
    turbolinks-source (5.0.0)
    twitter-bootswatch-rails (3.2.0.0)
      execjs (>= 1.4.0)
      less-rails (>= 2.3)
      railties (>= 3.1)
    tzinfo (1.2.3)
      thread_safe (~> 0.1)
    uglifier (3.1.11)
      execjs (>= 0.3.0, < 3)

PLATFORMS
  java

DEPENDENCIES
  activerecord-jdbcpostgresql-adapter
  dynamic_form
  font-awesome-rails
  jbuilder (~> 2.0)
  jquery-rails (= 2.1.2)
  lock_jar
  protected_attributes (~> 1.0.1)
  rails (= 4.1.1)
  rake (= 10.1.1)
  sdoc (~> 0.4.0)
  therubyrhino
  torquebox (= 3.1.2)
  turbolinks
  twitter-bootswatch-rails (~> 3.2.0.0)
  uglifier (>= 1.3.0)

BUNDLED WITH
   1.14.4
